GIT
  remote: git://github.com/jmettraux/ruote.git
  revision: 75398e451bea4c269cdf24d61d3235b1b1b96519
  specs:
    ruote (2.3.0)
      blankslate (>= 2.1.2.4)
      parslet (>= 1.4.0)
      rufus-cloche (>= 1.0.2)
      rufus-dollar (>= 1.0.4)
      rufus-json (>= 1.0.1)
      rufus-mnemo (>= 1.2.2)
      rufus-scheduler (>= 2.0.16)
      rufus-treechecker (>= 1.0.8)
      sourcify (= 0.5.0)

PATH
  remote: .
  specs:
    ruote-amqp (2.3.0)
      amqp (~> 0.9)
      ruote (>= 2.2.1)

GEM
  remote: http://rubygems.org/
  specs:
    amq-client (0.9.4)
      amq-protocol (>= 0.9.4)
      eventmachine
    amq-protocol (0.9.4)
    amqp (0.9.7)
      amq-client (~> 0.9.4)
      amq-protocol (>= 0.9.4)
      eventmachine
    blankslate (2.1.2.4)
    diff-lcs (1.1.3)
    eventmachine (0.12.10)
    file-tail (1.0.11)
      tins (~> 0.5.0)
    parslet (1.4.0)
      blankslate (~> 2.0)
    rake (0.9.2.2)
    rspec (2.11.0)
      rspec-core (~> 2.11.0)
      rspec-expectations (~> 2.11.0)
      rspec-mocks (~> 2.11.0)
    rspec-core (2.11.1)
    rspec-expectations (2.11.1)
      diff-lcs (~> 1.1.3)
    rspec-mocks (2.11.1)
    ruby2ruby (1.3.1)
      ruby_parser (~> 2.0)
      sexp_processor (~> 3.0)
    ruby_parser (2.3.1)
      sexp_processor (~> 3.0)
    rufus-cloche (1.0.2)
      rufus-json (>= 1.0.1)
    rufus-dollar (1.0.4)
    rufus-json (1.0.2)
    rufus-mnemo (1.2.3)
    rufus-scheduler (2.0.17)
      tzinfo (>= 0.3.23)
    rufus-treechecker (1.0.8)
      ruby_parser (>= 2.0.5)
    sexp_processor (3.2.0)
    sourcify (0.5.0)
      file-tail (>= 1.0.5)
      ruby2ruby (>= 1.2.5)
      ruby_parser (>= 2.0.5)
      sexp_processor (>= 3.0.5)
    tins (0.5.3)
    tzinfo (0.3.33)
    yajl-ruby (1.1.0)

PLATFORMS
  ruby

DEPENDENCIES
  rake
  rspec (~> 2.8)
  ruote!
  ruote-amqp!
  yajl-ruby
